PATH
  remote: .
  specs:
    msfl_visitors (1.3.0)
      msfl (~> 1.2, >= 1.2.1)

GEM
  remote: https://rubygems.org/
  specs:
    builder (3.2.3)
    byebug (4.0.5)
      columnize (= 0.9.0)
    columnize (0.9.0)
    diff-lcs (1.2.5)
    docile (1.1.5)
    json (1.8.2)
    msfl (1.2.2)
      json (~> 1.7)
    rake (10.4.2)
    rspec (3.2.0)
      rspec-core (~> 3.2.0)
      rspec-expectations (~> 3.2.0)
      rspec-mocks (~> 3.2.0)
    rspec-core (3.2.3)
      rspec-support (~> 3.2.0)
    rspec-expectations (3.2.1)
      diff-lcs (>= 1.2.0, < 2.0)
      rspec-support (~> 3.2.0)
    rspec-mocks (3.2.1)
      diff-lcs (>= 1.2.0, < 2.0)
      rspec-support (~> 3.2.0)
    rspec-support (3.2.2)
    rspec_junit_formatter (0.2.3)
      builder (< 4)
      rspec-core (>= 2, < 4, != 2.12.0)
    simplecov (0.10.0)
      docile (~> 1.1.0)
      json (~> 1.8)
      simplecov-html (~> 0.10.0)
    simplecov-html (0.10.0)
    yard (0.8.7.6)

PLATFORMS
  ruby

DEPENDENCIES
  byebug (~> 4.0)
  msfl_visitors!
  rake (~> 10.3)
  rspec (~> 3.2)
  rspec_junit_formatter (~> 0.2)
  simplecov (~> 0.10)
  yard (~> 0.8)
